PATH
  remote: .
  specs:
    open_hash (0.1.0)

GEM
  remote: https://rubygems.org/
  specs:
    debug (1.8.0)
      irb (>= 1.5.0)
      reline (>= 0.3.1)
    io-console (0.6.0)
    irb (1.7.0)
      reline (>= 0.3.0)
    minitest (5.18.1)
    rake (13.0.6)
    reline (0.3.5)
      io-console (~> 0.5)

PLATFORMS
  x86_64-darwin-21

DEPENDENCIES
  debug
  minitest (~> 5.0)
  open_hash!
  rake (~> 13.0)

BUNDLED WITH
   2.4.1
